GEM
  remote: https://rubygems.org/
  specs:
    coderay (1.1.2)
    ffi (1.11.1)
    json (2.2.0)
    method_source (0.9.2)
    pry (0.12.2)
      coderay (~> 1.1.0)
      method_source (~> 0.9.0)
    rb-readline (0.5.5)
    ruby-vips (2.0.14)
      ffi (~> 1.9)

PLATFORMS
  ruby

DEPENDENCIES
  json
  pry
  rb-readline
  ruby-vips

BUNDLED WITH
   2.0.2
